GEM
  remote: https://rubygems.org/
  specs:
    bigdecimal (3.1.4)
    coderay (1.1.3)
    method_source (1.0.0)
    nio4r (2.5.9)
    pry (0.14.2)
      coderay (~> 1.1)
      method_source (~> 1.0)
    puma (6.4.0)
      nio4r (~> 2.0)
    rack (3.0.8)
    sequel (5.73.0)
      bigdecimal

PLATFORMS
  x86_64-darwin-22

DEPENDENCIES
  pry (~> 0.14.2)
  puma
  rack (~> 3.0)
  sequel

BUNDLED WITH
   2.4.10
